GEM
  remote: https://rubygems.org/
  specs:
    wavefile (1.0.1)

PLATFORMS
  ruby

DEPENDENCIES
  wavefile

BUNDLED WITH
   1.16.2
