PATH
  remote: .
  specs:
    inevitable_cacophony (0.0.0)
      midilib (~> 2.0.5)
      nokogiri (~> 1.11.7)
      wavefile (~> 1.0.1)

GEM
  remote: https://rubygems.org/
  specs:
    coderay (1.1.2)
    diff-lcs (1.3)
    method_source (0.9.2)
    midilib (2.0.5)
    nokogiri (1.11.7-x86_64-linux)
      racc (~> 1.4)
    pry (0.12.2)
      coderay (~> 1.1.0)
      method_source (~> 0.9.0)
    racc (1.5.2)
    rspec (3.8.0)
      rspec-core (~> 3.8.0)
      rspec-expectations (~> 3.8.0)
      rspec-mocks (~> 3.8.0)
    rspec-core (3.8.0)
      rspec-support (~> 3.8.0)
    rspec-expectations (3.8.2)
      diff-lcs (>= 1.2.0, < 2.0)
      rspec-support (~> 3.8.0)
    rspec-mocks (3.8.0)
      diff-lcs (>= 1.2.0, < 2.0)
      rspec-support (~> 3.8.0)
    rspec-support (3.8.0)
    wavefile (1.0.1)

PLATFORMS
  ruby

DEPENDENCIES
  inevitable_cacophony!
  pry (= 0.12.2)
  rspec (= 3.8.0)

BUNDLED WITH
   2.0.2
